GEM
  remote: https://rubygems.org/
  specs:
    diff-lcs (1.2.5)
    figaro (1.1.1)
      thor (~> 0.14)
    pg (0.18.1)
    rake (10.4.2)
    rspec (3.2.0)
      rspec-core (~> 3.2.0)
      rspec-expectations (~> 3.2.0)
      rspec-mocks (~> 3.2.0)
    rspec-core (3.2.0)
      rspec-support (~> 3.2.0)
    rspec-expectations (3.2.0)
      diff-lcs (>= 1.2.0, < 2.0)
      rspec-support (~> 3.2.0)
    rspec-mocks (3.2.0)
      diff-lcs (>= 1.2.0, < 2.0)
      rspec-support (~> 3.2.0)
    rspec-support (3.2.1)
    thor (0.19.1)

PLATFORMS
  ruby

DEPENDENCIES
  figaro
  pg
  rake
  rspec

BUNDLED WITH
   1.10.5
